GEM
  remote: http://rubygems.org/
  specs:
    json (1.7.5)
    terminal-notifier (1.4.2)

PLATFORMS
  ruby

DEPENDENCIES
  json
  terminal-notifier
